GEM
  remote: http://rubygems.org/
  specs:
    actionmailer (2.3.8)
      actionpack (= 2.3.8)
    actionpack (2.3.8)
      activesupport (= 2.3.8)
      rack (~> 1.1.0)
    activerecord (2.3.8)
      activesupport (= 2.3.8)
    activeresource (2.3.8)
      activesupport (= 2.3.8)
    activesupport (2.3.8)
    aws-sdb (0.3.1)
      uuidtools
    ht2p (0.0.7)
    mime-types (1.16)
    mysql (2.8.1)
    nokogiri (1.4.4)
    rack (1.1.2)
    rails (2.3.8)
      actionmailer (= 2.3.8)
      actionpack (= 2.3.8)
      activerecord (= 2.3.8)
      activeresource (= 2.3.8)
      activesupport (= 2.3.8)
      rake (>= 0.8.3)
    rake (0.8.7)
    raws (0.0.11)
      ht2p (>= 0.0.7)
      nokogiri (>= 1.4.1)
      typhoeus (>= 0.1.14)
      uuidtools (>= 2.1.1)
    sqlite3 (1.3.3)
    sqlite3-ruby (1.3.3)
      sqlite3 (>= 1.3.3)
    typhoeus (0.2.4)
      mime-types
      mime-types
    uuidtools (2.1.2)

PLATFORMS
  ruby

DEPENDENCIES
  aws-sdb
  bundler
  mysql
  rails (= 2.3.8)
  raws
  sqlite3-ruby
